GEM
  remote: https://rubygems.org/
  specs:
    jekyll-theme-kagami (0.2.0)

PLATFORMS
  ruby

DEPENDENCIES
  http_parser.rb (~> 0.6.0)
  jekyll-theme-kagami
  tzinfo (>= 1, < 3)
  tzinfo-data

BUNDLED WITH
   1.17.2
